GEM
  remote: https://rubygems.org/
  specs:
    color (1.8)
    mustermann (1.0.3)
    puma (3.12.1)
    rack (2.0.8)
    rack-protection (2.0.5)
      rack
    sinatra (2.0.5)
      mustermann (~> 1.0)
      rack (~> 2.0)
      rack-protection (= 2.0.5)
      tilt (~> 2.0)
    tilt (2.0.9)

PLATFORMS
  ruby

DEPENDENCIES
  color
  puma
  sinatra

RUBY VERSION
   ruby 2.6.2p47

BUNDLED WITH
   1.17.2
